GEM
  remote: https://rubygems.org/
  specs:
    bundle (0.0.1)
      bundler
    date (3.3.3)
    digest (3.1.1)
    rake (13.0.6)

PLATFORMS
  x86_64-linux

DEPENDENCIES
  bundle
  date
  digest
  rake

BUNDLED WITH
   2.4.19
